GEM
  remote: https://rubygems.org/
  specs:
    openssl (2.0.0.beta.2)
    power_assert (0.3.1)
    test-unit (3.2.1)
      power_assert

PLATFORMS
  ruby

DEPENDENCIES
  openssl
  test-unit

RUBY VERSION
   ruby 2.3.1p112

BUNDLED WITH
   1.13.1
